GEM
  remote: https://rubygems.org/
  specs:
    async (1.26.2)
      console (~> 1.0)
      nio4r (~> 2.3)
      timers (~> 4.1)
    async-dns (1.2.5)
      async-io (~> 1.15)
    async-http (0.52.4)
      async (~> 1.25)
      async-io (~> 1.28)
      async-pool (~> 0.2)
      protocol-http (~> 0.20.0)
      protocol-http1 (~> 0.13.0)
      protocol-http2 (~> 0.14.0)
    async-io (1.30.0)
      async (~> 1.14)
    async-pool (0.3.2)
      async (~> 1.25)
    console (1.9.0)
    nio4r (2.5.3)
    protocol-hpack (1.4.2)
    protocol-http (0.20.0)
    protocol-http1 (0.13.0)
      protocol-http (~> 0.19)
    protocol-http2 (0.14.1)
      protocol-hpack (~> 1.4)
      protocol-http (~> 0.18)
    rake (13.0.1)
    rake-compiler (1.1.1)
      rake
    timers (4.3.2)
    trenni (3.13.0)
      rake-compiler

PLATFORMS
  ruby

DEPENDENCIES
  async-dns (~> 1.2)
  async-http (~> 0.52.4)
  trenni (~> 3.13)

BUNDLED WITH
   2.1.4
